GEM
  remote: http://rubygems.org/
  remote: http://rubygems.org/
  remote: http://rubygems.org/
  remote: http://gems.github.com/
  specs:
    SyslogLogger (1.4.0)
      hoe (>= 1.2.0)
    actionmailer (2.3.5)
      actionpack (= 2.3.5)
    actionpack (2.3.5)
      activesupport (= 2.3.5)
      rack (~> 1.0.0)
    activerecord (2.3.5)
      activesupport (= 2.3.5)
    activeresource (2.3.5)
      activesupport (= 2.3.5)
    activesupport (2.3.5)
    columnize (0.3.2)
    hoe (2.8.0)
      rake (>= 0.8.7)
    hoptoad_notifier (2.3.7)
      activesupport
    json (1.4.6)
    json_pure (1.4.6)
    linecache (0.43)
    mysql (2.8.1)
    rack (1.0.1)
    rails (2.3.5)
      actionmailer (= 2.3.5)
      actionpack (= 2.3.5)
      activerecord (= 2.3.5)
      activeresource (= 2.3.5)
      activesupport (= 2.3.5)
      rake (>= 0.8.3)
    rake (0.8.7)
    redis (2.0.1)
    redis-namespace (0.8.0)
      redis (< 3.0.0)
    resque (1.9.9)
      json_pure (~> 1.4.0)
      redis-namespace (~> 0.8.0)
      sinatra (>= 0.9.2)
      vegas (~> 0.1.2)
    rspec (1.2.9)
    rspec-rails (1.2.9)
      rack (>= 1.0.0)
      rspec (>= 1.2.9)
    ruby-debug (0.10.4)
      columnize (>= 0.1)
      ruby-debug-base (~> 0.10.4.0)
    ruby-debug-base (0.10.4)
      linecache (>= 0.3)
    sinatra (1.0)
      rack (>= 1.0)
    vegas (0.1.8)
      rack (>= 1.0.0)

PLATFORMS
  ruby

DEPENDENCIES
  SyslogLogger (= 1.4.0)
  hoptoad_notifier (= 2.3.7)
  json (= 1.4.6)
  json_pure (= 1.4.6)
  mysql
  rack (= 1.0.1)
  rails (= 2.3.5)
  redis (= 2.0.1)
  redis-namespace (= 0.8.0)
  resque (= 1.9.9)
  rspec (= 1.2.9)
  rspec-rails (= 1.2.9)
  ruby-debug
